GEM
  remote: http://rubygems.org/
  specs:
    diff-lcs (1.2.1)
    haml (4.0.0)
      tilt
    json (1.7.7)
    listen (0.7.3)
    nokogiri (1.5.6)
    oauth (0.4.7)
    ordrin (0.1.4)
    rack (1.5.2)
    rack-protection (1.4.0)
      rack
    rerun (0.8.0)
      listen
    rspec (2.13.0)
      rspec-core (~> 2.13.0)
      rspec-expectations (~> 2.13.0)
      rspec-mocks (~> 2.13.0)
    rspec-core (2.13.0)
    rspec-expectations (2.13.0)
      diff-lcs (>= 1.1.3, < 2.0)
    rspec-mocks (2.13.0)
    sinatra (1.3.5)
      rack (~> 1.4)
      rack-protection (~> 1.3)
      tilt (~> 1.3, >= 1.3.3)
    tilt (1.3.4)
    yelpster (1.1.1)
      json (>= 1.1.1)
      oauth (>= 0.4.5)

PLATFORMS
  ruby

DEPENDENCIES
  haml
  nokogiri
  ordrin
  rack (~> 1.1)
  rerun
  rspec
  sinatra
  yelpster
