GEM
  remote: http://rubygems.org/
  specs:
    activemodel (3.2.12)
      activesupport (= 3.2.12)
      builder (~> 3.0.0)
    activeresource (3.2.12)
      activemodel (= 3.2.12)
      activesupport (= 3.2.12)
    activesupport (3.2.12)
      i18n (~> 0.6)
      multi_json (~> 1.0)
    builder (3.0.4)
    diff-lcs (1.2.1)
    haml (4.0.0)
      tilt
    i18n (0.6.4)
    json (1.7.7)
    listen (0.7.3)
    mailgun (0.5)
      multimap
      rest-client
    mime-types (1.18)
    multi_json (1.6.1)
    multimap (1.1.2)
    nokogiri (1.5.6)
    oauth (0.4.7)
    ordrin (0.1.4)
    rack (1.5.2)
    rack-protection (1.4.0)
      rack
    rerun (0.8.0)
      listen
    rest-client (1.6.7)
      mime-types (>= 1.16)
    rspec (2.13.0)
      rspec-core (~> 2.13.0)
      rspec-expectations (~> 2.13.0)
      rspec-mocks (~> 2.13.0)
    rspec-core (2.13.0)
    rspec-expectations (2.13.0)
      diff-lcs (>= 1.1.3, < 2.0)
    rspec-mocks (2.13.0)
    sinatra (1.3.5)
      rack (~> 1.4)
      rack-protection (~> 1.3)
      tilt (~> 1.3, >= 1.3.3)
    tilt (1.3.4)
    yelpster (1.1.1)
      json (>= 1.1.1)
      oauth (>= 0.4.5)

PLATFORMS
  ruby

DEPENDENCIES
  activeresource
  haml
  json
  mailgun
  nokogiri
  ordrin
  rack (~> 1.1)
  rerun
  rest-client
  rspec
  sinatra
  yelpster
