GEM
  remote: https://rubygems.org/
  specs:
    diff-lcs (1.2.1)
    haml (4.0.0)
      tilt
    listen (0.7.3)
    nokogiri (1.5.6)
    ordrin (0.1.4)
    rack (1.5.2)
    rack-protection (1.4.0)
      rack
    rb-fsevent (0.9.3)
    rerun (0.8.0)
      listen
    rspec (2.13.0)
      rspec-core (~> 2.13.0)
      rspec-expectations (~> 2.13.0)
      rspec-mocks (~> 2.13.0)
    rspec-core (2.13.0)
    rspec-expectations (2.13.0)
      diff-lcs (>= 1.1.3, < 2.0)
    rspec-mocks (2.13.0)
    sinatra (1.3.5)
      rack (~> 1.4)
      rack-protection (~> 1.3)
      tilt (~> 1.3, >= 1.3.3)
    tilt (1.3.4)

PLATFORMS
  ruby

DEPENDENCIES
  haml
  nokogiri
  ordrin
  rack (~> 1.1)
  rb-fsevent
  rerun
  rspec
  sinatra
